GEM
  remote: https://rubygems.org/
  specs:
    base64 (0.2.0)
    byebug (11.1.3)
    coderay (1.1.3)
    csv (3.3.2)
    faraday (2.12.2)
      faraday-net_http (>= 2.0, < 3.5)
      json
      logger
    faraday-net_http (3.4.0)
      net-http (>= 0.5.0)
    faraday-parse_dates (0.1.1)
      faraday (~> 2.0)
    faraday-retry (2.2.1)
      faraday (~> 2.0)
    httparty (0.22.0)
      csv
      mini_mime (>= 1.0.0)
      multi_xml (>= 0.5.2)
    json (2.10.1)
    logger (1.6.6)
    method_source (1.1.0)
    mini_mime (1.1.5)
    multi_xml (0.6.0)
    mustermann (3.0.3)
      ruby2_keywords (~> 0.0.1)
    net-http (0.6.0)
      uri
    nio4r (2.7.4)
    pry (0.14.2)
      coderay (~> 1.1)
      method_source (~> 1.0)
    pry-byebug (3.10.1)
      byebug (~> 11.0)
      pry (>= 0.13, < 0.15)
    puma (6.6.0)
      nio4r (~> 2.0)
    rack (3.1.11)
    rack-protection (4.1.1)
      base64 (>= 0.1.0)
      logger (>= 1.6.0)
      rack (>= 3.0.0, < 4)
    rack-session (2.1.0)
      base64 (>= 0.1.0)
      rack (>= 3.0.0)
    rackup (2.2.1)
      rack (>= 3)
    ruby2_keywords (0.0.5)
    sinatra (4.1.1)
      logger (>= 1.6.0)
      mustermann (~> 3.0)
      rack (>= 3.0.0, < 4)
      rack-protection (= 4.1.1)
      rack-session (>= 2.0.0, < 3)
      tilt (~> 2.0)
    tilt (2.6.0)
    twitch-api (1.0.0)
      faraday (~> 2.3)
      faraday-parse_dates (~> 0.1.1)
      faraday-retry (~> 2.0)
      twitch_oauth2 (~> 0.5.0)
    twitch_oauth2 (0.5.0)
      faraday (~> 2.3)
      faraday-parse_dates (~> 0.1.0)
    uri (1.0.3)

PLATFORMS
  arm64-darwin-20
  ruby

DEPENDENCIES
  httparty
  pry-byebug
  puma
  rackup
  sinatra
  twitch-api

BUNDLED WITH
   2.6.3
